PATH
  remote: .
  specs:
    feed2email (0.10.0)
      feedzirra (~> 0.7.0)
      mail (~> 2.5.4)
      nokogiri (~> 1.6.5)
      reverse_markdown (~> 0.6.0)
      sanitize (~> 2.1.0)
      sequel (~> 4.18.0)
      sqlite3 (~> 1.3.10)
      thor (~> 0.19.1)

GEM
  remote: https://rubygems.org/
  specs:
    aruba (0.6.2)
      childprocess (>= 0.3.6)
      cucumber (>= 1.1.1)
      rspec-expectations (>= 2.7.0)
    builder (3.2.2)
    childprocess (0.5.5)
      ffi (~> 1.0, >= 1.0.11)
    coderay (1.1.0)
    cucumber (1.3.18)
      builder (>= 2.1.2)
      diff-lcs (>= 1.1.3)
      gherkin (~> 2.12)
      multi_json (>= 1.7.5, < 2.0)
      multi_test (>= 0.1.1)
    curb (0.8.6)
    diff-lcs (1.2.5)
    feedzirra (0.7.1)
      curb (~> 0.8.1)
      loofah (~> 1.2.1)
      sax-machine (~> 0.2.1)
    ffi (1.9.6)
    fuubar (1.3.3)
      rspec (>= 2.14.0, < 3.1.0)
      ruby-progressbar (~> 1.4)
    gherkin (2.12.2)
      multi_json (~> 1.3)
    json (1.8.1)
    loofah (1.2.1)
      nokogiri (>= 1.4.4)
    mail (2.5.4)
      mime-types (~> 1.16)
      treetop (~> 1.4.8)
    method_source (0.8.2)
    mime-types (1.25.1)
    mini_portile (0.6.2)
    multi_json (1.10.1)
    multi_test (0.1.1)
    nokogiri (1.6.5)
      mini_portile (~> 0.6.0)
    polyglot (0.3.5)
    pry (0.10.1)
      coderay (~> 1.1.0)
      method_source (~> 0.8.1)
      slop (~> 3.4)
    rake (10.4.2)
    reverse_markdown (0.6.0)
      nokogiri
    rspec (2.14.1)
      rspec-core (~> 2.14.0)
      rspec-expectations (~> 2.14.0)
      rspec-mocks (~> 2.14.0)
    rspec-core (2.14.8)
    rspec-expectations (2.14.5)
      diff-lcs (>= 1.1.3, < 2.0)
    rspec-mocks (2.14.6)
    ruby-progressbar (1.7.1)
    sanitize (2.1.0)
      nokogiri (>= 1.4.4)
    sax-machine (0.2.1)
      nokogiri (~> 1.6.0)
    sequel (4.18.0)
    slop (3.6.0)
    sqlite3 (1.3.10)
    thor (0.19.1)
    travis-lint (2.0.0)
      json
    treetop (1.4.15)
      polyglot
      polyglot (>= 0.3.1)

PLATFORMS
  ruby

DEPENDENCIES
  aruba (~> 0.6.2)
  feed2email!
  fuubar
  pry
  rake
  rspec (~> 2.14.1)
  travis-lint
